GEM
  remote: https://rubygems.org/
  specs:
    os (1.0.1)

PLATFORMS
  ruby

DEPENDENCIES
  os

BUNDLED WITH
   1.17.2
